GEM
  remote: https://rubygems.org/
  specs:
    rubyzip (1.2.2)

PLATFORMS
  x64-mingw32

DEPENDENCIES
  rubyzip

BUNDLED WITH
   1.17.2
